GEM
  remote: https://rubygems.org/
  specs:
    coderay (1.1.3)
    method_source (1.0.0)
    pry (0.13.1)
      coderay (~> 1.1)
      method_source (~> 1.0)
    sorbet (0.5.5175)
      sorbet-static (= 0.5.5175)
    sorbet-runtime (0.5.5175)
    sorbet-static (0.5.5175-universal-darwin-18)

PLATFORMS
  ruby

DEPENDENCIES
  pry (~> 0.13.1)
  sorbet
  sorbet-runtime

BUNDLED WITH
   2.1.2
