GEM
  specs:
    sorbet (0.5.5175)
      sorbet-static (= 0.5.5175)
    sorbet-runtime (0.5.5175)
    sorbet-static (0.5.5175-universal-darwin-18)

PLATFORMS
  ruby

DEPENDENCIES
  sorbet
  sorbet-runtime

BUNDLED WITH
   2.1.2
